GIT
  remote: git://github.com/patrickxb/pony-test.git
  revision: 4644c079eead1d2e269365ff22a6432a1b83219b
  specs:
    pony-test (0.1.0)

GEM
  remote: https://rubygems.org/
  specs:
    addressable (2.3.6)
    daemons (1.1.9)
    dotenv (0.11.1)
      dotenv-deployment (~> 0.0.2)
    dotenv-deployment (0.0.2)
    erubis (2.7.0)
    eventmachine (1.0.3)
    excon (0.39.5)
    foreman (0.75.0)
      dotenv (~> 0.11.1)
      thor (~> 0.19.1)
    heroku (3.10.3)
      heroku-api (~> 0.3.19)
      launchy (>= 0.3.2)
      netrc (~> 0.7.7)
      rest-client (= 1.6.7)
      rubyzip (= 0.9.9)
    heroku-api (0.3.19)
      excon (~> 0.38)
      multi_json (~> 1.8)
    launchy (2.4.2)
      addressable (~> 2.3)
    mail (2.6.1)
      mime-types (>= 1.16, < 3)
    mime-types (2.3)
    multi_json (1.10.1)
    netrc (0.7.7)
    newrelic_rpm (3.9.3.241)
    pony (1.10)
      mail (>= 2.0)
    rack (1.5.2)
    rack-protection (1.5.3)
      rack
    rack-test (0.6.2)
      rack (>= 1.0)
    rest-client (1.6.7)
      mime-types (>= 1.16)
    rubyzip (0.9.9)
    sinatra (1.4.5)
      rack (~> 1.4)
      rack-protection (~> 1.4)
      tilt (~> 1.3, >= 1.3.4)
    thin (1.6.2)
      daemons (>= 1.0.9)
      eventmachine (>= 1.0.0)
      rack (>= 1.0.0)
    thor (0.19.1)
    tilt (1.4.1)

PLATFORMS
  ruby

DEPENDENCIES
  erubis
  foreman
  heroku
  newrelic_rpm
  pony
  pony-test!
  rack-test
  sinatra
  thin
