GIT
  remote: git://github.com/patrickxb/pony-test.git
  revision: 4644c079eead1d2e269365ff22a6432a1b83219b
  specs:
    pony-test (0.1.0)

GEM
  remote: https://rubygems.org/
  specs:
    addressable (2.3.2)
    daemons (1.1.4)
    erubis (2.7.0)
    eventmachine (0.12.10)
    excon (0.16.4)
    foreman (0.60.2)
      thor (>= 0.13.6)
    heroku (2.32.11)
      heroku-api (~> 0.3.5)
      launchy (>= 0.3.2)
      netrc (~> 0.7.7)
      rest-client (~> 1.6.1)
      rubyzip
    heroku-api (0.3.5)
      excon (~> 0.16.1)
    i18n (0.6.0)
    launchy (2.1.2)
      addressable (~> 2.3)
    mail (2.3.0)
      i18n (>= 0.4.0)
      mime-types (~> 1.16)
      treetop (~> 1.4.8)
    mime-types (1.17.1)
    netrc (0.7.7)
    newrelic_rpm (3.2.0)
    polyglot (0.3.2)
    pony (1.3)
      mail (> 2.0)
    rack (1.3.5)
    rack-protection (1.1.4)
      rack
    rack-test (0.5.7)
      rack (>= 1.0)
    rest-client (1.6.7)
      mime-types (>= 1.16)
    rubyzip (0.9.9)
    sinatra (1.3.1)
      rack (~> 1.3, >= 1.3.4)
      rack-protection (~> 1.1, >= 1.1.2)
      tilt (~> 1.3, >= 1.3.3)
    thin (1.2.11)
      daemons (>= 1.0.9)
      eventmachine (>= 0.12.6)
      rack (>= 1.0.0)
    thor (0.16.0)
    tilt (1.3.3)
    treetop (1.4.10)
      polyglot
      polyglot (>= 0.3.1)

PLATFORMS
  ruby

DEPENDENCIES
  erubis (= 2.7.0)
  foreman (= 0.60.2)
  heroku
  newrelic_rpm (= 3.2.0)
  pony (= 1.3)
  pony-test!
  rack-test
  sinatra (= 1.3.1)
  thin (= 1.2.11)
